GEM
  remote: https://rubygems.org/
  specs:
    base64 (0.3.0)
    nio4r (2.7.4)
    prometheus-client (4.2.5)
      base64
    puma (7.0.3)
      nio4r (~> 2.0)
    rack (3.2.1)

PLATFORMS
  ruby

DEPENDENCIES
  prometheus-client
  puma
  rack

BUNDLED WITH
   2.7.2
